PATH
  remote: .
  specs:
    kiba-extend (1.15.0)
      activesupport
      kiba (>= 4.0.0)
      kiba-common (>= 1.5.0)
      xxhash

GEM
  remote: https://rubygems.org/
  specs:
    activesupport (6.1.4)
      concurrent-ruby (~> 1.0, >= 1.0.2)
      i18n (>= 1.6, < 2)
      minitest (>= 5.1)
      tzinfo (~> 2.0)
      zeitwerk (~> 2.3)
    coderay (1.1.2)
    concurrent-ruby (1.1.9)
    csv (3.1.9)
    diff-lcs (1.3)
    facets (3.1.0)
    i18n (1.8.10)
      concurrent-ruby (~> 1.0)
    kiba (4.0.0)
    kiba-common (1.5.0)
      kiba (>= 3.0.0, < 5)
    method_source (0.9.2)
    minitest (5.14.4)
    pry (0.12.2)
      coderay (~> 1.1.0)
      method_source (~> 0.9.0)
    rake (13.0.1)
    rspec (3.9.0)
      rspec-core (~> 3.9.0)
      rspec-expectations (~> 3.9.0)
      rspec-mocks (~> 3.9.0)
    rspec-core (3.9.2)
      rspec-support (~> 3.9.3)
    rspec-expectations (3.9.2)
      diff-lcs (>= 1.2.0, < 2.0)
      rspec-support (~> 3.9.0)
    rspec-mocks (3.9.1)
      diff-lcs (>= 1.2.0, < 2.0)
      rspec-support (~> 3.9.0)
    rspec-support (3.9.3)
    tzinfo (2.0.4)
      concurrent-ruby (~> 1.0)
    xxhash (0.4.0)
    zeitwerk (2.4.2)

PLATFORMS
  ruby

DEPENDENCIES
  bundler (>= 1.17)
  csv (~> 3.0)
  facets
  kiba-extend!
  pry (~> 0.12.2)
  rake (~> 13.0)
  rspec (~> 3.0)

BUNDLED WITH
   2.1.4
