PATH
  remote: .
  specs:
    kiba-extend (0.1.0)
      kiba (>= 2.0.0)
      kiba-common (>= 0.9.0)

GEM
  remote: https://rubygems.org/
  specs:
    diff-lcs (1.3)
    kiba (3.0.0)
    kiba-common (1.0.0)
      kiba (>= 1.0.0, < 4)
    rake (10.5.0)
    rspec (3.9.0)
      rspec-core (~> 3.9.0)
      rspec-expectations (~> 3.9.0)
      rspec-mocks (~> 3.9.0)
    rspec-core (3.9.2)
      rspec-support (~> 3.9.3)
    rspec-expectations (3.9.2)
      diff-lcs (>= 1.2.0, < 2.0)
      rspec-support (~> 3.9.0)
    rspec-mocks (3.9.1)
      diff-lcs (>= 1.2.0, < 2.0)
      rspec-support (~> 3.9.0)
    rspec-support (3.9.3)

PLATFORMS
  ruby

DEPENDENCIES
  bundler (~> 1.17)
  kiba-extend!
  rake (~> 10.0)
  rspec (~> 3.0)

BUNDLED WITH
   1.17.3
