PATH
  remote: .
  specs:
    kiba-extend (0.1.2)
      activesupport
      kiba (>= 3.0.0)
      kiba-common (>= 0.9.0)
      xxhash

GEM
  remote: https://rubygems.org/
  specs:
    activesupport (4.2.8)
      i18n (~> 0.7)
      minitest (~> 5.1)
      thread_safe (~> 0.3, >= 0.3.4)
      tzinfo (~> 1.1)
    coderay (1.1.2)
    concurrent-ruby (1.1.5)
    diff-lcs (1.3)
    i18n (0.9.5)
      concurrent-ruby (~> 1.0)
    kiba (3.0.0)
    kiba-common (1.0.0)
      kiba (>= 1.0.0, < 4)
    method_source (0.9.2)
    minitest (5.13.0)
    pry (0.12.2)
      coderay (~> 1.1.0)
      method_source (~> 0.9.0)
    rake (10.5.0)
    rspec (3.9.0)
      rspec-core (~> 3.9.0)
      rspec-expectations (~> 3.9.0)
      rspec-mocks (~> 3.9.0)
    rspec-core (3.9.2)
      rspec-support (~> 3.9.3)
    rspec-expectations (3.9.2)
      diff-lcs (>= 1.2.0, < 2.0)
      rspec-support (~> 3.9.0)
    rspec-mocks (3.9.1)
      diff-lcs (>= 1.2.0, < 2.0)
      rspec-support (~> 3.9.0)
    rspec-support (3.9.3)
    thread_safe (0.3.6)
    tzinfo (1.2.5)
      thread_safe (~> 0.1)
    xxhash (0.4.0)

PLATFORMS
  ruby

DEPENDENCIES
  bundler (~> 1.17)
  kiba-extend!
  pry (~> 0.12.2)
  rake (~> 10.0)
  rspec (~> 3.0)

BUNDLED WITH
   1.17.3
